NUGET
  remote: https://nuget.org/api/v2
  specs:
    FAKE (3.13.4)
    FSharp.Core (3.1.2.1)
    FSharp.Compiler.Service (0.0.85)
	FSharpVSPowerTools.Core (1.7.0)
    FSharp.Formatting (2.7.4)
      FSharp.Compiler.Service (>= 0.0.82)
      FSharpVSPowerTools.Core (>= 1.7.0)
    FsPickler (1.0.6)
    FsReveal (0.5.0)
      FSharp.Formatting (>= 2.7.4)
      FSharpVSPowerTools.Core (>= 1.7.0)
    Suave (0.21.1)
      FSharp.Core (>= 3.1.2.1)
      FsPickler (>= 1.0.6)
