NUGET
  remote: https://www.nuget.org/api/v2
  specs:
    Argu (1.0.0) - framework: >= net45
    Caliburn.Micro (2.0.2)
      Caliburn.Micro.Core (2.0.2)
      Callisto (1.3.1) - framework: winv4.5
      Windows.UI.Interactivity (1.3.0) - framework: winv4.5
    Caliburn.Micro.Core (2.0.2)
    Caliburn.Micro.Start (2.0.2) - framework: >= net45
      Caliburn.Micro (2.0.2)
    Callisto (1.3.1) - framework: winv4.5
    FAKE (4.3.7)
    FSharp.Collections.ParallelSeq (1.0.2) - framework: >= net45
    FSharp.Control.Reactive (3.2.0) - framework: >= net45
      FSharp.Core (>= 3.1.2)
      Rx-Core (>= 2.2.5)
      Rx-Interfaces (>= 2.2.5)
      Rx-Linq (>= 2.2.5)
    FSharp.Core (4.0.0.1)
    FsPickler (1.3.7) - framework: >= net45
    fszmq (12.1.1) - framework: >= net45
      FSharp.Core
    lz4net (1.0.5.93) - framework: >= net45
    Rx-Core (2.2.5)
      Rx-Interfaces (>= 2.2.5)
    Rx-Interfaces (2.2.5)
    Rx-Linq (2.2.5)
      Rx-Core (>= 2.2.5)
      Rx-Interfaces (>= 2.2.5)
    Rx-Main (2.2.5) - framework: >= net45
      Rx-Core (>= 2.2.5)
      Rx-Interfaces (>= 2.2.5)
      Rx-Linq (>= 2.2.5)
      Rx-PlatformServices (>= 2.2.5)
    Rx-PlatformServices (2.2.5)
      Rx-Core (>= 2.2.5)
      Rx-Interfaces (>= 2.2.5)
    Rx-WPF (2.2.5) - framework: >= net45
      Rx-Xaml (>= 2.2.5)
    Rx-Xaml (2.2.5)
      Rx-Main (>= 2.2.5)
    Windows.UI.Interactivity (1.3.0.0) - framework: winv4.5
    xunit (2.0.0) - framework: >= net45
      xunit.assert (2.0.0)
      xunit.core (2.0.0)
    xunit.abstractions (2.0.0)
    xunit.assert (2.0.0)
    xunit.core (2.0.0)
      xunit.extensibility.core (2.0.0)
    xunit.extensibility.core (2.0.0)
      xunit.abstractions (2.0.0)
    xunit.runner.console (2.0.0)
    xunit.runner.visualstudio (2.0.1)
